GIT
  remote: https://github.com/berkmancenter/acts-as-taggable-on.git
  revision: c7f29faa7fca4f3143431e951cce1b282ef2889a
  specs:
    acts-as-taggable-on (2.0.6)
      rails (~> 3.0.15)

GEM
  remote: http://rubygems.org/
  specs:
    abstract (1.0.0)
    acl9 (0.12.0)
    actionmailer (3.0.15)
      actionpack (= 3.0.15)
      mail (~> 2.2.19)
    actionpack (3.0.15)
      activemodel (= 3.0.15)
      activesupport (= 3.0.15)
      builder (~> 2.1.2)
      erubis (~> 2.6.6)
      i18n (~> 0.5.0)
      rack (~> 1.2.5)
      rack-mount (~> 0.6.14)
      rack-test (~> 0.5.7)
      tzinfo (~> 0.3.23)
    activemodel (3.0.15)
      activesupport (= 3.0.15)
      builder (~> 2.1.2)
      i18n (~> 0.5.0)
    activerecord (3.0.15)
      activemodel (= 3.0.15)
      activesupport (= 3.0.15)
      arel (~> 2.0.10)
      tzinfo (~> 0.3.23)
    activeresource (3.0.15)
      activemodel (= 3.0.15)
      activesupport (= 3.0.15)
    activesupport (3.0.15)
    acts_as_list (0.1.4)
    ancestry (1.3.0)
      activerecord (>= 2.3.14)
    arel (2.0.10)
    bcrypt-ruby (3.0.1)
    breadcrumbs (0.1.6)
      i18n
    builder (2.1.2)
    carmen (0.2.13)
    carrierwave (0.5.8)
      activesupport (~> 3.0)
    devise (1.5.3)
      bcrypt-ruby (~> 3.0)
      orm_adapter (~> 0.0.3)
      warden (~> 1.1)
    erubis (2.6.6)
      abstract (>= 1.0.0)
    escape (0.0.4)
    formtastic (1.2.4)
      actionpack (>= 2.3.7)
      activesupport (>= 2.3.7)
      i18n (~> 0.4)
    i18n (0.5.0)
    jquery-rails (1.0.19)
      railties (~> 3.0)
      thor (~> 0.14)
    json (1.7.3)
    mail (2.2.19)
      activesupport (>= 2.3.6)
      i18n (>= 0.4.0)
      mime-types (~> 1.16)
      treetop (~> 1.4.8)
    mime-types (1.18)
    mini_magick (3.4)
      subexec (~> 0.2.1)
    nokogiri (1.5.4)
    orm_adapter (0.0.7)
    pg (0.13.2)
    polyglot (0.3.3)
    pr_geohash (1.0.0)
    rack (1.2.5)
    rack-mount (0.6.14)
      rack (>= 1.0.0)
    rack-test (0.5.7)
      rack (>= 1.0)
    railroady (1.0.7)
    rails (3.0.15)
      actionmailer (= 3.0.15)
      actionpack (= 3.0.15)
      activerecord (= 3.0.15)
      activeresource (= 3.0.15)
      activesupport (= 3.0.15)
      bundler (~> 1.0)
      railties (= 3.0.15)
    railties (3.0.15)
      actionpack (= 3.0.15)
      activesupport (= 3.0.15)
      rake (>= 0.8.7)
      rdoc (~> 3.4)
      thor (~> 0.14.4)
    rake (0.9.2.2)
    rdoc (3.12)
      json (~> 1.4)
    rsolr (0.12.1)
      builder (>= 2.1.2)
    silent-postgres (0.1.1)
    subexec (0.2.2)
    sunspot (1.2.1)
      escape (= 0.0.4)
      pr_geohash (~> 1.0)
      rsolr (= 0.12.1)
    sunspot_rails (1.2.1)
      nokogiri
      sunspot (= 1.2.1)
    thor (0.14.6)
    treetop (1.4.10)
      polyglot
      polyglot (>= 0.3.1)
    tzinfo (0.3.33)
    warden (1.2.0)
      rack (>= 1.0)
    will_paginate (3.0.3)

PLATFORMS
  ruby

DEPENDENCIES
  acl9
  acts-as-taggable-on!
  acts_as_list (= 0.1.4)
  ancestry
  breadcrumbs
  carmen
  carrierwave
  devise
  formtastic (= 1.2.4)
  jquery-rails
  mini_magick
  nokogiri
  pg
  railroady
  rails (~> 3.0.15)
  rake (= 0.9.2.2)
  silent-postgres
  sunspot_rails (= 1.2.1)
  will_paginate
